GIT
  remote: git@github.com:pocketsizesun/unity-logger-ruby.git
  revision: ef2e7b188b75ca7027aa642a7b3365a8aef26cdd
  specs:
    unity-logger (1.0.1)

GIT
  remote: git@github.com:pocketsizesun/unity-urn-ruby.git
  revision: 5f4b2bff7ef394309222304a81ac051d245b4a6c
  specs:
    unity-urn (1.0.3)

PATH
  remote: .
  specs:
    unity (1.6.8)
      aws-sdk-dynamodb-attribute-deserializer (~> 1.0)
      aws-sdk-dynamodbstreams-event-parser (~> 1.0)
      aws-sdk-sns (~> 1.36)
      aws-sdk-sqs (~> 1.34)
      concurrent-ruby (~> 1.1)
      connection_pool (~> 2.2)
      dotenv (~> 2.7)
      http (~> 4.4)
      pry
      puma (~> 5.0)
      rack (~> 2.2)
      shoryuken
      symbol-fstring
      unity-logger
      unity-urn

GEM
  remote: https://rubygems.org/
  specs:
    addressable (2.7.0)
      public_suffix (>= 2.0.2, < 5.0)
    ast (2.4.1)
    aws-eventstream (1.1.0)
    aws-partitions (1.416.0)
    aws-sdk-core (3.111.0)
      aws-eventstream (~> 1, >= 1.0.2)
      aws-partitions (~> 1, >= 1.239.0)
      aws-sigv4 (~> 1.1)
      jmespath (~> 1.0)
    aws-sdk-dynamodb-attribute-deserializer (1.0.2)
    aws-sdk-dynamodbstreams-event-parser (1.0.0)
      aws-sdk-dynamodb-attribute-deserializer (~> 1.0)
    aws-sdk-sns (1.36.0)
      aws-sdk-core (~> 3, >= 3.109.0)
      aws-sigv4 (~> 1.1)
    aws-sdk-sqs (1.35.0)
      aws-sdk-core (~> 3, >= 3.109.0)
      aws-sigv4 (~> 1.1)
    aws-sigv4 (1.2.2)
      aws-eventstream (~> 1, >= 1.0.2)
    coderay (1.1.3)
    concurrent-ruby (1.1.7)
    connection_pool (2.2.3)
    diff-lcs (1.4.4)
    domain_name (0.5.20190701)
      unf (>= 0.0.5, < 1.0.0)
    dotenv (2.7.6)
    ffi (1.14.2)
    ffi-compiler (1.0.1)
      ffi (>= 1.0.0)
      rake
    http (4.4.1)
      addressable (~> 2.3)
      http-cookie (~> 1.0)
      http-form_data (~> 2.2)
      http-parser (~> 1.2.0)
    http-cookie (1.0.3)
      domain_name (~> 0.5)
    http-form_data (2.3.0)
    http-parser (1.2.3)
      ffi-compiler (>= 1.0, < 2.0)
    jmespath (1.4.0)
    method_source (1.0.0)
    nio4r (2.5.4)
    parallel (1.20.1)
    parser (3.0.0.0)
      ast (~> 2.4.1)
    pry (0.13.1)
      coderay (~> 1.1)
      method_source (~> 1.0)
    public_suffix (4.0.6)
    puma (5.1.1)
      nio4r (~> 2.0)
    rack (2.2.3)
    rainbow (3.0.0)
    rake (12.3.3)
    regexp_parser (2.0.3)
    rexml (3.2.4)
    rspec (3.10.0)
      rspec-core (~> 3.10.0)
      rspec-expectations (~> 3.10.0)
      rspec-mocks (~> 3.10.0)
    rspec-core (3.10.1)
      rspec-support (~> 3.10.0)
    rspec-expectations (3.10.1)
      diff-lcs (>= 1.2.0, < 2.0)
      rspec-support (~> 3.10.0)
    rspec-mocks (3.10.1)
      diff-lcs (>= 1.2.0, < 2.0)
      rspec-support (~> 3.10.0)
    rspec-support (3.10.1)
    rubocop (1.8.0)
      parallel (~> 1.10)
      parser (>= 3.0.0.0)
      rainbow (>= 2.2.2, < 4.0)
      regexp_parser (>= 1.8, < 3.0)
      rexml
      rubocop-ast (>= 1.2.0, < 2.0)
      ruby-progressbar (~> 1.7)
      unicode-display_width (>= 1.4.0, < 3.0)
    rubocop-ast (1.4.0)
      parser (>= 2.7.1.5)
    ruby-progressbar (1.11.0)
    shoryuken (5.0.6)
      aws-sdk-core (>= 2)
      concurrent-ruby
      thor
    symbol-fstring (1.0.0)
    thor (1.0.1)
    unf (0.1.4)
      unf_ext
    unf_ext (0.0.7.7)
    unicode-display_width (2.0.0)

PLATFORMS
  ruby

DEPENDENCIES
  rake (~> 12.0)
  rspec (~> 3.0)
  rubocop
  unity!
  unity-logger!
  unity-urn!

BUNDLED WITH
   2.2.3
